GEM
  remote: http://rubygems.org/
  specs:
    actionmailer (1.3.3)
      actionpack (= 1.13.3)
    actionpack (1.13.3)
      activesupport (= 1.4.2)
    actionwebservice (1.2.3)
      actionpack (= 1.13.3)
      activerecord (= 1.15.3)
    activerecord (1.15.3)
      activesupport (= 1.4.2)
    activesupport (1.4.2)
    capistrano (3.1.0)
      i18n
      rake (>= 10.0.0)
      sshkit (~> 1.3)
    i18n (0.6.9)
    kgio (2.9.2)
    net-scp (1.1.2)
      net-ssh (>= 2.6.5)
    net-ssh (2.8.0)
    rack (1.5.2)
    rails (1.2.3)
      actionmailer (= 1.3.3)
      actionpack (= 1.13.3)
      actionwebservice (= 1.2.3)
      activerecord (= 1.15.3)
      activesupport (= 1.4.2)
      rake (>= 0.7.2)
    raindrops (0.13.0)
    rake (10.1.1)
    rvm-capistrano (1.4.1)
      capistrano (>= 2.0.0)
    sqlite-ruby (2.2.3)
    sshkit (1.3.0)
      net-scp (>= 1.1.2)
      net-ssh
      term-ansicolor
    term-ansicolor (1.3.0)
      tins (~> 1.0)
    tins (1.0.0)
    unicorn (4.8.2)
      kgio (~> 2.6)
      rack
      raindrops (~> 0.7)

PLATFORMS
  ruby

DEPENDENCIES
  rails (= 1.2.3)
  rvm-capistrano (= 1.4.1)
  sqlite-ruby
  unicorn
